PATH
  remote: .
  specs:
    ostruct_deep (0.1.6)

GEM
  remote: https://rubygems.org/
  specs:
    minitest (5.11.3)
    rake (10.5.0)

PLATFORMS
  ruby

DEPENDENCIES
  bundler (~> 1.16)
  minitest (~> 5.0)
  ostruct_deep!
  rake (~> 10.0)

BUNDLED WITH
   1.16.1
